PATH
  remote: .
  specs:
    webrick (1.8.1)

GEM
  remote: https://rubygems.org/
  specs:
    power_assert (2.0.3)
    rake (13.2.1)
    test-unit (3.6.1)
      power_assert

PLATFORMS
  arm64-darwin-22
  ruby

DEPENDENCIES
  rake
  test-unit
  webrick!

BUNDLED WITH
   2.5.3
